PATH
  remote: .
  specs:
    slack_bot-events (0.0.1)
      class_composer (~> 1.0)
      faraday
      faye-websocket
      json_schematize

GEM
  remote: https://rubygems.org/
  specs:
    byebug (11.1.3)
    class_composer (1.0.2)
    coderay (1.1.3)
    diff-lcs (1.5.1)
    docile (1.4.0)
    eventmachine (1.2.7)
    faraday (2.9.1)
      faraday-net_http (>= 2.0, < 3.2)
    faraday-net_http (3.1.0)
      net-http
    faye-websocket (0.11.3)
      eventmachine (>= 0.12.0)
      websocket-driver (>= 0.5.1)
    json (2.7.2)
    json_schematize (0.9.0)
      class_composer (~> 1.0)
    method_source (1.1.0)
    net-http (0.4.1)
      uri
    pry (0.14.2)
      coderay (~> 1.1)
      method_source (~> 1.0)
    pry-byebug (3.10.1)
      byebug (~> 11.0)
      pry (>= 0.13, < 0.15)
    rspec (3.13.0)
      rspec-core (~> 3.13.0)
      rspec-expectations (~> 3.13.0)
      rspec-mocks (~> 3.13.0)
    rspec-core (3.13.0)
      rspec-support (~> 3.13.0)
    rspec-expectations (3.13.1)
      diff-lcs (>= 1.2.0, < 2.0)
      rspec-support (~> 3.13.0)
    rspec-mocks (3.13.1)
      diff-lcs (>= 1.2.0, < 2.0)
      rspec-support (~> 3.13.0)
    rspec-support (3.13.1)
    simplecov (0.17.1)
      docile (~> 1.1)
      json (>= 1.8, < 3)
      simplecov-html (~> 0.10.0)
    simplecov-html (0.10.2)
    uri (0.13.0)
    websocket-driver (0.7.6)
      websocket-extensions (>= 0.1.0)
    websocket-extensions (0.1.5)

PLATFORMS
  aarch64-linux
  ruby

DEPENDENCIES
  pry-byebug
  rspec (~> 3.0)
  simplecov (~> 0.17.0)
  slack_bot-events!

BUNDLED WITH
   2.5.13
